GIT
  remote: https://github.com/SettRaziel/ruby_utils
  revision: 72e0fd0baf4e82a628f23f3d59c525f88a6a87dd
  specs:
    ruby_utils (0.1.1)

GEM
  remote: https://rubygems.org/
  specs:
    coveralls (0.8.23)
      json (>= 1.8, < 3)
      simplecov (~> 0.16.1)
      term-ansicolor (~> 1.3)
      thor (>= 0.19.4, < 2.0)
      tins (~> 1.6)
    docile (1.3.5)
    json (2.5.1)
    simplecov (0.16.1)
      docile (~> 1.1)
      json (>= 1.8, < 3)
      simplecov-html (~> 0.10.0)
    simplecov-html (0.10.2)
    sync (0.5.0)
    term-ansicolor (1.7.1)
      tins (~> 1.0)
    thor (1.1.0)
    tins (1.28.0)
      sync

PLATFORMS
  ruby

DEPENDENCIES
  coveralls
  ruby_utils!

BUNDLED WITH
   2.1.4
